GEM
  remote: http://rubygems.org/
  specs:
    cri (2.0.2)
    mime-types (1.16)
    nanoc (3.2.2)
      nanoc3 (>= 3.2.2)
    nanoc3 (3.2.2)
      cri (~> 2.0)
    rack (1.3.2)

PLATFORMS
  ruby

DEPENDENCIES
  mime-types
  nanoc
  rack
