GEM
  remote: http://rubygems.org/
  specs:
    cri (2.0.2)
    kramdown (0.13.3)
    mime-types (1.17.2)
    nanoc3 (3.2.2)
      cri (~> 2.0)
    rack (1.3.5)

PLATFORMS
  ruby

DEPENDENCIES
  kramdown
  mime-types
  nanoc3
  rack
