GEM
  remote: http://rubygems.org/
  specs:
    POpen4 (0.1.4)
      Platform (>= 0.4.0)
      open4
    Platform (0.4.0)
    cri (2.0.2)
    fssm (0.2.10)
    kramdown (0.13.3)
    mime-types (1.17.2)
    nanoc3 (3.2.2)
      cri (~> 2.0)
    open4 (1.2.0)
    rack (1.3.5)
    yui-compressor (0.9.6)
      POpen4 (>= 0.1.4)

PLATFORMS
  ruby

DEPENDENCIES
  fssm
  kramdown
  mime-types
  nanoc3
  rack
  yui-compressor
